file 2 2 6 0 0 2 1 3 1 64
1 "exp"
0 
dg1 2 2 1023 0 0 4 1 6 1 64
1 "1:DISPLAY:sp:1,wp:1,vs:0;1:REFERENCE:rfl:1,rfp:1,cr:1,delta:1;1:PHASE:lp:1,rp:1,rp1(ni):1,lp1(ni):1;2:CHART:sc:0,wc:0,hzmm:2,vp:0,axis,pltmod,,th:0,,ho:2,vo:2,,trace:2;3(ni):2D:sp1:1,wp1:1,sc2:0,wc2:0,rfl1:1,rfp1:1;3:FLAGS:aig*,dcg*,dmg*;3:FID:sf:3,wf:3,vf:0;4:INTEGRAL:intmod,is:2,ins:3,io:0,,lvl:3,tlt:3;"
0 
cp 2 2 1 0 0 2 1 0 1 64
1 "y"
2 "y" "n" 
at 1 1 14 14 14 2 1 8203 1 64
1 4.0000273 
0 
ap 2 2 1023 0 0 4 1 6 1 64
1 "1:SAMPLE:date,solvent,file;1:ACQUISITION:sfrq:3,tn:2,at:3,np:0,sw:1,fb:0,bs(bs):0,ss(ss):0,tpwr(tpwr):0,tpwrf(tpwrf):0,pw:1,p1(p1):1,d1:3,d2(d2):3,tof:1,nt:0,ct:0,alock,gain:0;1:FLAGS:il,in,dp,hs;1(ni):2D ACQUISITION:sw1:1,ni:0;1(ni):2D DISPLAY:sp1:1,wp1:1,sc2:0,wc2:0,rfl1:1,rfp1:1;2:SATURATION:sspul,satpwr,satfrq:1,satdly:3,satmode,composit;2:DEC. & VT:dn:2,dof:1,dm,dmm,dmf,dpwr(dpwr):0,dpwrf(dpwrf):0,dhp(dhp):0,dlp(dlp):0,temp(temp):1;2:PROCESSING:cf(nf):0,lb(lb):2,sb(sb):3,sbs(sb):3,gf(gf):3,gfs(gf):3,awc(awc):3,lsfid(lsfid):0,phfid(phfid):1,wtfile,proc,fn:0,math,,werr,wexp,wbs,wnt;2(ni):2D PROCESSING:lb1(lb1):2,sb1(sb1):3,sbs1(sb1):3,gf1(gf1):3,gfs1(gf1):3,awc1(awc1):3,wtfile1,proc1,fn1:0;2:DISPLAY:sp:1,wp:1,vs:0,sc:0,wc:0,hzmm:2,is:2,rfl:1,rfp:1,th:0,ins:3,aig*,dcg*,dmg*;"
0 
acqstatus 7 1 32767 0 0 2 1 0 1 64
2 101 235 
0 
acqcycles 1 1 9.99999984307e+17 -9.99999984307e+17 0 2 1 0 1 64
1 1 
0 
acqdim 7 1 32767 0 0 2 1 0 1 64
1 1 
0 
aig 2 2 2 0 0 4 1 1 1 64
1 "ai"
2 "nm" "ai" 
actionid 2 2 8 0 0 4 1 0 1 64
1 "null"
0 
alfa 6 1 13 13 13 2 1 8194 1 64
1 0 
0 
alock 2 2 8 0 0 2 1 0 1 64
1 "n"
5 "a" "n" "s" "u" "y" 
arraydim 7 1 32768 1 1 2 1 5 1 64
1 1 
0 
array 2 2 256 0 0 2 1 1 1 64
1 ""
0 
apptype 2 2 8 0 0 4 1 0 1 64
1 "presat"
0 
arrayelemts 1 1 9.99999984307e+17 -9.99999984307e+17 0 2 1 0 1 64
1 0 
0 
cf 7 1 32767 0 1 3 1 1 0 64
1 1 
0 
axisf 4 2 4 0 0 4 1 0 1 64
1 "s"
4 "m" "n" "s" "u" 
awc1 1 1 1 -1 0.001 3 1 1 0 64
1 0 
0 
awc 1 1 1 -1 0.001 3 1 1 0 64
1 0 
0 
axis 4 2 4 0 0 4 1 0 1 64
1 "pp"
11 "c" "d" "1" "2" "3" "h" "k" "m" "n" "p" "u" 
celem 1 1 9.99999984307e+17 -9.99999984307e+17 0 2 1 0 1 64
1 1 
0 
bs 7 1 32767 0 1 2 1 0 1 64
1 1 
0 
composit 4 2 4 0 0 2 1 0 1 64
1 "n"
0 
comment 2 2 8 0 0 3 1 0 1 64
1 ""
0 
console 2 2 8 0 0 2 1 0 1 64
1 "inova"
0 
delta1 1 1 2000000 0 0 4 1 3 1 64
1 2098.18157296 
0 
cutoff 1 1 9.99999984307e+17 -9.99999984307e+17 0 4 1 0 0 64
1 200 
0 
crf 1 1 9.99999984307e+17 -9.99999984307e+17 0 4 1 0 1 64
1 0 
0 
cr1 1 1 1000000000 -1000000000 0 4 1 3 1 64
1 583.844242162 
0 
cr 1 1 1000000000 -1000000000 0 4 1 1 1 64
1 6392.42359543 
0 
ct 7 1 1000000000 0 1 2 1 6 1 64
1 32 
0 
date 2 2 9 0 0 2 1 1 1 64
1 "Dec  5 2005"
0 
d2 3 1 14 14 14 2 1 8194 1 64
1 0 
0 
d1 3 1 14 14 14 2 1 8194 1 64
1 0.1 
0 
dcrmv 4 2 9.99999984307e+17 -9.99999984307e+17 0 4 1 0 1 64
1 "n"
2 "y" "n" 
dcg 2 2 3 0 0 4 1 1 1 64
1 ""
2 "dc" "cdc" 
delta 1 1 2000000 0 0 4 1 1 1 64
1 15.7046537045 
0 
dfrq3 1 1 1000000000 0 0 2 1 9 1 64
1 0 
0 
dfrq 5 1 1000000000 -1000000000 0 2 1 8 1 64
1 0 
0 
deltaf 1 1 100 0 0 4 1 0 1 64
1 0 
0 
dfrq2 1 1 1000000000 0 0 2 1 9 1 64
1 0 
0 
dg 2 2 1023 0 0 4 1 6 1 64
1 "1:ACQUISITION:sfrq:3,tn,at:3,np:0,sw:1,fb:0,bs:0,ss:0,tpwr(tpwr):0,tpwrf(tpwrf):0,pw:1,p1:1,d1:3,d2:3,tof:1,nt:0,ct:0;2:SAMPLE:date,solvent,temp:1;2:DECOUPLING:dn,dof:1,dm,dmm,dpwr:0,dpwrf(dpwrf):0,homo;2(ni):2D ACQUISITION:sw1:1,ni:0;3:PROCESSING:cf(nf):0,lb:2,sb:3,sbs(sb):3,gf:3,gfs(gf):3,fn:0,math,,werr,wexp,wbs,wnt;4(ni):2D PROCESSING:lb1:2,sb1:3,sbs1(sb1):3,gf1:3,gfs1(gf1):3,awc1:3,wtfile1,proc1,fn1:0;4:FLAGS:composit,il,in,dp,hs;4:SATURATION:sspul,satpwr:0,satfrq:3,satdly:3,satmode;"
0 
dof3 5 1 20 20 20 2 1 8202 1 64
1 0 
0 
dmf3 7 1 2000000 1 0 2 1 2 1 64
1 200 
0 
dm2 4 2 4 0 0 2 1 0 1 64
1 "nnnn"
4 "a" "n" "s" "y" 
displaymode 4 2 9.99999984307e+17 -9.99999984307e+17 0 4 1 0 1 64
1 "rs"
0 
dgs 2 2 1023 0 0 4 1 6 1 64
5 "1:AXIAL SHIMS:z1:0,z2:0,z3:0,z4:0,z5:0,z6:0,z7:0;"
"2:NON AXIAL SHIMS:x1:0,y1:0,xz:0,yz:0,xy:0,x2y2:0,x3:0,y3:0,xz2:0,yz2:0,zxy:0,zx2y2:0,z3x:0,z3y:0,z2x2y2:0,z2xy:0;"
"3:NON AXIAL SHIMS:zx3:0,zy3:0,x4:0,y4:0,z4x:0,z4y:0,z3x2y2:0,z3xy:0,z2x3:0,z2y3:0,z3x3:0,z3y3:0,z4x2y2:0,z4xy:0,z5x:0,z5y:0;"
"4:AUTOMATION:method,wshim,load,,spin:0,gain:0,alock,loc:0;"
"4:SPECIAL:temp;"
0 
dg2 2 2 8 0 0 4 1 4 1 64
6 "1:1st DECOUPLING:dfrq:3,dn,dpwr:0,dof:1,dm,dmm,dmf:0,dseq,dres:1,homo;"
"2(numrfch>2):2nd DECOUPLING:dfrq2:3,dn2,dpwr2:0,dof2:1,dm2,dmm2,dmf2:0,dseq2,dres2:1,homo2;"
"2(numrfch>3):3rd DECOUPLING:dfrq3:3,dn3,dpwr3:0,dof3:1,dseq3,dres3:1,homo3;"
"3(ni2):3D ACQUISITION:d3:3,sw2:1,ni2:0,phase2:0;"
"3(ni2):3D DISPLAY:rp2:1,lp2:1;"
"4(ni2):3D PROCESSING:lb2:3,sb2:3,sbs2(sb2):3,gf2:3,gfs2(gf2):3,awc2:3,wtfile2,proc2,fn2:0;"
0 
dhp 1 1 9 9 9 2 1 8192 0 64
1 40 
0 
dm 4 2 4 0 0 2 1 0 1 64
1 "nnnn"
4 "a" "n" "s" "y" 
dlp 7 1 10 10 10 2 1 8194 0 64
1 10 
0 
dmf 7 1 11 11 11 2 1 8194 1 64
1 33898 
0 
dm3 4 2 4 0 0 2 1 0 1 64
1 "n"
4 "a" "n" "s" "y" 
dmf2 7 1 2000000 1 0 2 1 2 1 64
1 4373 
0 
dn 2 2 4 0 0 2 1 8 1 64
1 ""
0 
dmm2 4 2 4 0 0 2 1 0 1 64
1 "cccg"
9 "c" "f" "g" "m" "p" "r" "u" "w" "x" 
dmg1 2 2 8 0 0 4 1 0 1 64
1 ""
4 "" "av1" "ph1" "pwr1" 
dmg 2 2 2 0 0 4 1 3 1 64
1 "ph"
0 
dmm 4 2 4 0 0 2 1 0 1 64
1 "cccp"
9 "c" "f" "g" "m" "p" "r" "u" "w" "x" 
dmm3 4 2 4 0 0 2 1 0 1 64
1 "c"
9 "c" "f" "g" "m" "p" "r" "u" "w" "x" 
dod 3 1 14 14 14 2 1 8194 1 64
1 0.00999999977648 
0 
dn3 2 2 8 0 0 2 1 8 1 64
1 ""
0 
dn2 2 2 8 0 0 2 1 8 1 64
1 ""
0 
dof2 5 1 16 16 16 2 1 8202 1 64
1 1761.6 
0 
dof 5 1 8 8 8 2 1 8202 1 64
1 -3312.7613136 
0 
dres2 7 1 360 1 0 2 1 0 1 64
1 1 
0 
dpwr2 7 1 18 18 18 2 1 8194 1 64
1 44 
0 
dp 2 2 1 0 0 2 1 0 1 64
1 "y"
2 "y" "n" 
dotflag 2 2 8 0 0 4 1 0 1 64
1 "n"
2 "n" "y" 
dpwr 7 1 9 9 9 2 1 8194 1 64
1 51 
0 
dres 7 1 360 1 0 2 1 0 1 64
1 9 
0 
dpwr3 7 1 21 21 21 2 1 8194 1 64
1 1 
0 
dseq3 2 2 8 0 0 2 1 0 1 64
1 ""
0 
dseq 2 2 8 0 0 2 1 0 1 64
1 "wurst140"
0 
dres3 7 1 360 1 0 2 1 0 1 64
1 1 
0 
dseq2 2 2 8 0 0 2 1 0 1 64
1 "wurst40N"
0 
fb 7 1 6 6 6 2 1 8203 1 64
1 4000 
0 
exppath 2 2 8 0 0 2 1 0 1 64
1 "/export/home/mtoolbox/vnmrsys/exp2/acqfil"
0 
prescan 2 2 8 0 0 3 1 0 1 64
10 "Not done"
"Complete"
"off"
"off"
"off"
"off"
"off"
"on"
"on"
""
0 
lsfrq1 1 1 9.99999984307e+17 -9.99999984307e+17 0 3 1 0 0 64
1 0 
0 
ins 3 1 8190 0 1e-07 4 1 3 1 64
1 1 
0 
homo2 4 2 4 0 0 2 1 0 1 64
1 "n"
2 "n" "y" 
gain 1 1 60 0 2 2 1 0 1 64
1 20 
0 
fn1 7 1 524288 64 -2 3 1 1 1 64
1 2048 
0 
fn 7 1 524288 64 -2 3 1 1 0 64
1 65536 
0 
filter 7 1 1000000000 0 1 2 1 2 1 64
1 54.0999984741 
0 
fpmult1 1 1 1000000000 0 0 3 2 0 1 64
1 0.5 
0 
fpmult 1 1 10 -10 0 3 1 0 1 64
1 0.5 
0 
ftproc 1 1 9.99999984307e+17 -9.99999984307e+17 0 3 1 256 1 64
2 1 0 
0 
gfs 1 1 1000 -1000 0.001 3 1 1 0 64
1 0 
0 
gf 1 1 100000 0 0 3 1 1 0 64
1 0.0429672449827 
0 
gf1 1 1 100000 0 0 3 1 1 0 64
1 0.019173 
0 
ho 1 1 500 -500 0 4 1 1 1 64
1 -22.8636363636 
0 
gfs1 1 1 1000 -1000 0.001 3 1 1 0 64
1 0 
0 
homo 2 2 8 0 0 2 1 0 1 64
1 "n"
2 "n" "y" 
hzmm 1 1 1000000000 -1000000000 0 4 1 11 1 64
1 28.7709255867 
0 
hs 4 2 4 0 0 2 1 0 1 64
1 "nn"
2 "n" "y" 
homo3 4 2 4 0 0 2 1 0 1 64
1 "n"
2 "n" "y" 
hst 3 1 0.02 0 2.5e-08 2 1 2 1 64
1 0.00800000037998 
0 
il 2 2 1 0 0 2 1 0 1 64
1 "n"
2 "y" "n" 
ident 2 2 8 0 0 3 1 0 1 64
1 ""
0 
in 4 2 1 0 0 2 1 0 1 64
1 "n"
3 "n" "w" "y" 
liamp 1 1 1000000000 0 0 4 1 0 0 64
1 0 
0 
is 1 1 1000000000 1e-06 0 4 1 3 1 64
1 33.5734901428 
0 
intmod 2 2 8 0 0 4 1 0 1 64
1 "off"
3 "off" "partial" "full" 
ins2ref 1 1 9.99999984307e+17 -9.99999984307e+17 0 4 1 0 1 64
1 1 
0 
ins2 1 1 9.99999984307e+17 -9.99999984307e+17 0 4 1 0 1 64
1 1 
0 
insref 1 1 9.99999984307e+17 -9.99999984307e+17 0 4 1 0 1 64
1 1 
0 
investigator_ 2 2 8 0 0 2 1 0 1 64
1 "JRM"
0 
investigator 2 2 8 0 0 4 1 0 1 64
1 ""
0 
io 1 1 500 -500 0.1 4 1 1 1 64
1 10 
0 
lb1 1 1 100000 -100000 0 3 1 1 0 64
1 0.318309992552 
0 
lb 1 1 100000 -100000 0 3 1 1 0 64
1 1.5 
0 
lcpeak_ 7 1 32767 0 0 2 1 32768 1 64
1 0 
0 
lockfreq_ 5 1 160 0 1e-07 2 1 9 1 64
1 92.013 
0 
load 2 2 4 0 0 2 1 3 1 64
1 "n"
2 "y" "n" 
llamp 1 1 1000000000 0 0 4 1 0 0 64
1 0.0540280789137 
0 
lifrq 1 1 1000000000 -1000000000 0 4 1 0 0 64
27 3747.83321189 3374.43285499 3073.47348443 2930.12813872 2930.12813872 2813.56400614 2813.344488 2547.06898364 2546.8494655 2421.72412544 2421.72412544 2087.39799753 1994.98086041 1865.02612126 1864.80660312 1717.50993088 1717.50993088 1554.18843438 1554.18843438 1370.89078711 1242.2531568 1027.12537916 911.658837287 722.214682079 721.995163939 604.333440658 0 
0 
llfrq 1 1 1000000000 -1000000000 0 4 1 0 0 64
1 759.290075414 
0 
loc_ 7 1 12 12 12 2 1 8201 0 64
1 0 
0 
lp 1 1 3600 -3600 0.1 4 1 3 1 64
1 -13.2015652009 
0 
lockphase_ 1 1 360 0 1 2 1 16 1 64
1 333 
0 
lockgain_ 1 1 48 0 1 2 1 16 1 64
1 33 
0 
lockpower_ 1 1 68 0 1 2 1 16 1 64
1 31 
0 
lsfid 7 1 64000 -64000 1 3 1 0 0 64
1 0 
0 
lp1 1 1 3600 -3600 0.1 4 1 3 1 64
1 0 
0 
lsfrq 1 1 9.99999984307e+17 -9.99999984307e+17 0 3 1 0 0 64
1 0 
0 
p1 6 1 13 13 13 2 1 8194 1 64
1 0 
0 
n3 2 2 6 0 0 4 1 3 1 64
1 ""
0 
method 2 2 6 0 0 2 1 3 1 64
1 "z1z2"
0 
macro 2 2 6 0 0 4 1 3 1 64
1 ""
0 
lvl 1 1 1000000000 -1000000000 0 4 1 1 1 64
1 8.32404208196 
0 
math 2 2 1 0 0 3 1 3 1 64
1 "f"
3 "d" "f" "i" 
n2 2 2 6 0 0 4 1 3 1 64
1 ""
0 
n1 2 2 6 0 0 4 1 3 1 64
1 ""
0 
np 7 1 524288 32 2 2 1 11 1 64
1 57544 
0 
notebook 2 2 8 0 0 2 1 0 1 64
1 ""
0 
name 2 2 8 0 0 3 1 0 1 64
1 ""
0 
notebook_ 2 2 8 0 0 2 1 0 1 64
1 "JRM1"
0 
operator_ 2 2 128 0 0 2 1 4 1 64
1 "mtoolbox"
0 
nt 7 1 1000000000 1 1 2 1 2 1 64
1 32 
0 
pkpick_ 2 2 8 0 0 4 1 0 1 64
1 "pap"
0 
parstyle_ 2 2 8 0 0 4 1 0 1 64
1 "ppa"
0 
page 2 2 8 0 0 2 1 0 1 64
1 ""
0 
pad 3 1 14 14 14 2 1 8194 1 64
1 0.5 
0 
page_ 2 2 8 0 0 2 1 0 1 64
1 ""
0 
phfid 1 1 3600 -3600 0.1 3 1 0 0 64
1 0 
0 
parversion 1 1 9.99999984307e+17 -9.99999984307e+17 0 2 1 4 1 64
1 5.1 
0 
phfid1 1 1 3600 -3600 0.1 3 1 0 0 64
1 0 
0 
position2 2 2 8 0 0 3 1 0 1 64
1 ""
0 
pmode 2 2 8 0 0 3 1 0 1 64
1 "full"
0 
pltmod 2 2 8 0 0 4 1 0 1 64
1 "fixed"
5 "off" "fixed" "full" "variable" "user" 
position1 2 2 8 0 0 3 1 0 1 64
1 ""
0 
preacq 6 1 13 13 13 2 1 8192 0 64
1 0 
0 
time_submitted_local 2 2 8 0 0 2 1 0 1 64
1 "20051205T143515X02PMMonDec"
0 
sf1 1 1 9.99999984307e+17 -9.99999984307e+17 0 4 1 0 1 64
1 0 
0 
samplename_ 2 2 8 0 0 2 1 0 1 64
1 "50-99-7P"
0 
r6 1 1 1e+18 -1e+18 0 4 1 1 1 64
1 0 
0 
pslabel 2 2 8 0 0 2 1 11 1 64
1 "presat"
0 
proc 2 2 10 0 0 3 1 1 1 64
1 "ft"
0 
priority 7 1 32768 0 1 2 1 0 1 64
1 5 
0 
probe_ 2 2 8 0 0 2 1 8 1 64
1 "5mm_HCN_ibd"
0 
procdim 7 1 32767 0 0 3 1 0 1 64
1 1 
0 
proc1 2 2 10 0 0 3 2 1 1 64
1 "lp"
0 
protocols 2 2 8 0 0 3 1 0 1 64
1 ""
0 
r2 1 1 1e+18 -1e+18 0 4 1 1 1 64
1 0 
0 
pw90 6 1 13 13 13 2 1 8194 1 64
1 7 
0 
pw 6 1 13 13 13 2 1 8194 1 64
1 7 
0 
r1 1 1 1e+18 -1e+18 0 4 1 1 1 64
1 0 
0 
r4 1 1 1e+18 -1e+18 0 4 1 1 1 64
1 0 
0 
r3 1 1 1e+18 -1e+18 0 4 1 1 1 64
1 0 
0 
r5 1 1 1e+18 -1e+18 0 4 1 1 1 64
1 0 
0 
rfl1 1 1 1000000000 -1000000000 0 4 1 1 1 64
1 3220.46635471 
0 
reffrq 1 1 9.99999984307e+17 -9.99999984307e+17 0 4 1 0 1 64
1 599.40661109 
0 
ref 5 1 1000000000 -1000000000 0 3 4 0 1 64
1 0 
0 
r7 1 1 1e+18 -1e+18 0 4 1 1 1 64
1 4 
0 
ref1 5 1 1000000000 -1000000000 0 3 5 0 1 64
1 0 
0 
rfband 4 2 4 0 0 2 1 0 1 64
1 "cccc"
3 "c" "h" "l" 
refpos 1 1 9.99999984307e+17 -9.99999984307e+17 0 4 1 0 1 64
1 0 
0 
rfl 1 1 1000000000 -1000000000 0 4 1 1 1 64
1 761.265678415 
0 
rof2 6 1 13 13 13 2 1 8194 1 64
1 4 
0 
rfp1 1 1 1000000000 -1000000000 0 4 1 1 1 64
1 0 
0 
rfp 1 1 1000000000 -1000000000 0 4 1 1 1 64
1 0 
0 
rof1 6 1 13 13 13 2 1 8194 1 64
1 10 
0 
rp1 1 1 3600 -3600 0.1 4 1 3 1 64
1 46.4033264033 
0 
rp 1 1 3600 -3600 0.1 4 1 3 1 64
1 79.447805004 
0 
samplename 2 2 8 0 0 2 1 0 1 64
1 ""
0 
sb1 1 1 1000 -1000 0.001 3 1 1 0 64
1 -0.0849999999999 
0 
satpwr 1 1 30 -16 1 2 1 0 1 64
1 2 
0 
satfrq 5 1 1000000000 -1000000000 0 2 1 0 1 64
1 -218.3 
0 
satdly 3 1 14 14 14 2 1 8192 1 64
1 1.5 
0 
satmode 4 2 4 0 0 2 1 0 1 64
1 "ynn"
0 
sb 1 1 1000 -1000 0.001 3 1 0 0 64
1 -0.061 
0 
saveglobal_ 2 2 8 0 0 3 1 0 1 64
22 "probe"
"lcpeak"
"loc"
"lockpower"
"lockgain"
"lockphase"
"lockfreq"
"z0"
"lkof"
"vloc"
"vrack"
"vzone"
"vproto"
"pkpick"
"parstyle"
"operator"
"studyid"
"investigator"
"notebook"
"page"
"study"
"samplename"
0 
sc2 1 1 3 3 3 4 1 8195 1 64
1 0 
0 
sbs1 1 1 1000 -1000 0.001 3 1 1 0 64
1 -0.0849999999999 
0 
sbs 1 1 1000 -1000 0.001 3 1 1 0 64
1 -0.061 
0 
sc 1 1 1 1 1 4 1 8195 1 64
1 0 
0 
seqfil 2 2 8 0 0 2 1 11 1 64
1 "presat"
0 
scans 2 2 8 0 0 3 1 0 1 64
1 ""
0 
sf 1 1 8190 0 1e-07 4 1 3 1 64
1 0 
0 
th 1 1 1000000000 0 0 4 1 1 1 64
1 2.1 
0 
spin 1 1 39 0 1 2 1 0 0 64
1 0 
0 
sn 1 1 1e+18 -1e+18 0 3 1 1 1 64
1 0 
0 
shims 2 2 8 0 0 2 1 0 1 64
1 ""
0 
sfrq 1 1 1000000000 0 0 2 1 11 1 64
1 599.4094463 
0 
sp 1 1 1000000000 -1000000000 0 4 1 3 1 64
1 -761.046166974 
0 
solvent 2 2 6 0 0 2 1 11 1 64
1 "D2O"
0 
sp1 1 1 1000000000 -1000000000 0 4 1 3 1 64
1 -3220.46635471 
0 
study_ 2 2 8 0 0 2 1 0 1 64
1 ""
0 
sspul 4 2 4 0 0 2 1 0 1 64
1 "n"
0 
ss 7 1 32767 -32768 0 2 1 0 1 64
1 2 
0 
study 2 2 8 0 0 3 1 0 1 64
1 ""
0 
sw 1 1 5 5 5 2 4 8203 1 64
1 7192.95090811 
0 
studyid_ 2 2 8 0 0 2 1 0 1 64
1 ""
0 
temp 1 1 200 -150 0.1 2 1 8 1 64
1 30 
0 
time_processed 2 2 8 0 0 3 1 0 1 64
1 "20051205T143827"
0 
time_exp 2 2 8 0 0 2 1 0 1 64
1 "34 sec"
0 
time_complete 2 2 8 0 0 4 1 0 1 64
1 "20051205T143827"
0 
time_plotted 2 2 8 0 0 3 1 0 1 64
1 ""
0 
time_saved 2 2 8 0 0 4 1 0 1 64
1 "20051205T143951"
0 
time_run 2 2 8 0 0 2 1 0 1 64
1 "20051205T143515"
0 
time_submitted 2 2 8 0 0 2 1 0 1 64
1 "20051205T143515"
0 
x3 7 1 19 19 19 2 1 8192 1 64
1 9179 
0 
wbs 2 2 6 0 0 3 1 3 1 64
1 ""
0 
vp 7 1 500 -500 0.1 4 1 3 1 64
1 0 
0 
vf 1 1 1000000000 0 0 4 1 3 1 64
1 4532.06549073 
0 
tn 2 2 4 0 0 2 1 8 1 64
1 "H1"
0 
tin 2 2 1 0 0 2 1 2 1 64
1 "n"
3 "n" "w" "y" 
time_svfdate 2 2 8 0 0 2 1 0 1 64
1 "20051205T143515"
0 
tlt 1 1 1000000000 -1000000000 0 4 1 1 1 64
1 0.509490419063 
0 
tpwr 7 1 17 17 17 2 1 8194 1 64
1 60 
0 
tof 5 1 7 7 7 2 1 8202 1 64
1 -218.3 
0 
trace 2 2 2 0 0 4 1 3 1 64
1 "f2"
2 "f1" "f2" 
vo 1 1 500 -500 0 4 1 1 1 64
1 0 
0 
vloc_ 2 2 8 0 0 2 1 8 1 64
1 "C7"
0 
vs 1 1 1000000000 1e-06 0 4 1 3 1 64
1 4339.21475254 
0 
vproto_ 2 2 8 0 0 2 1 0 1 64
1 ""
0 
vpfi 1 1 500 -500 0 4 1 0 1 64
1 0 
0 
vpf 1 1 500 -500 0 4 1 0 1 64
1 0 
0 
vrack_ 7 1 5 1 0 2 1 0 1 64
1 1 
0 
vtc 1 1 255 0 1 2 1 2 1 64
1 25 
0 
vsproj 1 1 1000000000 1e-06 0 4 1 3 1 64
1 5040.9939657 
0 
vs2d 1 1 1000000000 1e-06 0 4 1 3 1 64
1 5040.9939657 
0 
vzone_ 7 1 15 1 0 2 1 0 1 64
1 1 
0 
vtwait 3 1 14 14 14 2 1 8194 1 64
1 300 
0 
wnt 2 2 6 0 0 3 1 3 1 64
1 ""
0 
werr 2 2 6 0 0 3 1 3 1 64
1 ""
0 
wc2 1 1 4 4 4 4 1 8195 1 64
1 155 
0 
wc 1 1 2 2 2 4 1 8203 1 64
1 250 
0 
wdone 2 2 8 0 0 3 1 0 1 64
1 ""
0 
wf 1 1 8190 0 1e-07 4 1 3 1 64
1 4.0000273 
0 
wexp 2 2 6 0 0 3 1 3 1 64
1 ""
0 
wf1 1 1 9.99999984307e+17 -9.99999984307e+17 0 4 1 0 1 64
1 0.1220224 
0 
wtfile 2 2 15 0 0 3 1 1 1 64
1 ""
0 
wp1 1 1 100000 0 0 4 1 3 1 64
1 8391.90181475 
0 
wp 1 1 5000000 0 0 4 1 11 1 64
1 7192.73139667 
0 
wshim 4 2 4 0 0 2 1 1 1 64
1 "n"
15 "e" "f" "g" "n" "s" "0" "1" "2" "3" "4" "5" "6" "7" "8" "9" 
x1 7 1 19 19 19 2 1 8192 1 64
1 3732 
0 
wtfile1 2 2 15 0 0 3 2 1 1 64
1 ""
0 
x2y2 7 1 19 19 19 2 1 8192 1 64
1 -4266 
0 
z3x3 7 1 19 19 19 2 1 8192 1 64
1 108 
0 
z2x2y2 7 1 19 19 19 2 1 8192 1 64
1 -1285 
0 
y4 7 1 19 19 19 2 1 8192 1 64
1 15265 
0 
xz2 7 1 19 19 19 2 1 8192 1 64
1 -19181 
0 
xy 7 1 19 19 19 2 1 8192 1 64
1 188 
0 
x4 7 1 19 19 19 2 1 8192 1 64
1 5067 
0 
xz 7 1 19 19 19 2 1 8192 1 64
1 -807 
0 
y3 7 1 19 19 19 2 1 8192 1 64
1 7849 
0 
y1 7 1 19 19 19 2 1 8192 1 64
1 2425 
0 
z1 7 1 19 19 19 2 1 8192 1 64
1 -29195 
0 
yz2 7 1 19 19 19 2 1 8192 1 64
1 -6254 
0 
yz 7 1 19 19 19 2 1 8192 1 64
1 2663 
0 
z0_ 1 1 19 19 19 2 1 8208 1 64
1 -11334 
0 
z2 7 1 19 19 19 2 1 8192 1 64
1 3016 
0 
z1c 7 1 19 19 19 2 1 8192 1 64
1 -1044 
0 
z2c 7 1 19 19 19 2 1 8192 1 64
1 196 
0 
z3 7 1 19 19 19 2 1 8192 1 64
1 -493 
0 
z2xy 7 1 19 19 19 2 1 8192 1 64
1 6156 
0 
z2x3 7 1 19 19 19 2 1 8192 1 64
1 6105 
0 
z2y3 7 1 19 19 19 2 1 8192 1 64
1 4774 
0 
z3x 7 1 19 19 19 2 1 8192 1 64
1 6166 
0 
z3c 7 1 19 19 19 2 1 8192 1 64
1 0 
0 
z3x2y2 7 1 19 19 19 2 1 8192 1 64
1 1896 
0 
z4xy 7 1 19 19 19 2 1 8192 1 64
1 -1966 
0 
z4 7 1 19 19 19 2 1 8192 1 64
1 -6703 
0 
z3y 7 1 19 19 19 2 1 8192 1 64
1 2430 
0 
z3xy 7 1 19 19 19 2 1 8192 1 64
1 308 
0 
z3y3 7 1 19 19 19 2 1 8192 1 64
1 -1184 
0 
z4x 7 1 19 19 19 2 1 8192 1 64
1 9462 
0 
z4c 7 1 19 19 19 2 1 8192 1 64
1 0 
0 
z4x2y2 7 1 19 19 19 2 1 8192 1 64
1 4352 
0 
z7 7 1 19 19 19 2 1 8192 1 64
1 0 
0 
z5y 7 1 19 19 19 2 1 8192 1 64
1 -1309 
0 
z5 7 1 19 19 19 2 1 8192 1 64
1 3125 
0 
z4y 7 1 19 19 19 2 1 8192 1 64
1 3211 
0 
z5x 7 1 19 19 19 2 1 8192 1 64
1 -7231 
0 
z6 7 1 19 19 19 2 1 8192 1 64
1 -7948 
0 
zx2y2 7 1 19 19 19 2 1 8192 1 64
1 1871 
0 
z8 7 1 19 19 19 2 1 8192 1 64
1 0 
0 
zxy 7 1 19 19 19 2 1 8192 1 64
1 4311 
0 
zx3 7 1 19 19 19 2 1 8192 1 64
1 632 
0 
zy3 7 1 19 19 19 2 1 8192 1 64
1 -9432 
0 
