##TITLE= Parameter file, XWIN-NMR		Version 3.6
##JCAMPDX= 5.0
##DATATYPE= Parameter Values
##ORIGIN= Bruker BioSpin GmbH
##OWNER= reza
$$ Thu Dec  1 07:21:14 2005 EST (UT-5h)  reza@pisa
$$ /opt/xwinnmr/data/reza/nmr/Biostandards_13C/92/scon
##$BLKPA= (0..15)
3 3 3 3 3 3 3 3 3 3 3 3 3 3 3 3 
##$BLKTR= (0..15)
3 3 3 3 3 3 3 3 3 3 3 3 3 3 3 3 
##$DE1= 2
##$DE2= 2
##$DEADC= 4
##$DEPA= 2
##$DERX= 3
##$PHASP4= (0..15)
0.5 0.5 0.5 0.5 0.5 0.5 0.5 0.5 0.5 0.5 0.5 0.5 0.5 0.5 0.5 0.5 
##$PHASPR= (0..15)
3 3 3 3 3 3 3 3 3 3 3 3 3 3 3 3 
##$SHAPPR= (0..15)
1.6 1.6 1.6 1.6 1.6 1.6 1.6 1.6 1.6 1.6 1.6 1.6 1.6 1.6 1.6 1.6 
##END=
